{
	"Modality": "MR",
	"MagneticFieldStrength": 6.98,
	"ImagingFrequency": 297.206265,
	"Manufacturer": "Siemens",
	"ManufacturersModelName": "Investigational_Device_7T",
	"InstitutionName": "Brains Unlimited",
	"InstitutionalDepartmentName": "MRI 7T",
	"InstitutionAddress": "Oxfordlaan 55,Maastricht,Limburg,NL,6229 EV",
	"DeviceSerialNumber": "18930",
	"StationName": "MRC18930",
	"PatientPosition": "HFS",
	"ProcedureStepDescription": "FeDem^7T test",
	"SoftwareVersions": "syngo MR B17",
	"MRAcquisitionType": "2D",
	"SeriesDescription": "mbep2d_iPAT2_MB1_1pt1_PA_test",
	"ProtocolName": "mbep2d_iPAT2_MB1_1pt1_PA_test",
	"ScanningSequence": "EP",
	"SequenceVariant": "SK",
	"ScanOptions": "PFP\\FS",
	"SequenceName": "epfid2d1_120",
	"ImageType": ["ORIGINAL", "PRIMARY", "M", "ND", "MOSAIC"],
	"NonlinearGradientCorrection": false,
	"SeriesNumber": 12,
	"AcquisitionTime": "11:29:1.695000",
	"AcquisitionNumber": 1,
	"SliceThickness": 1.1,
	"SpacingBetweenSlices": 1.1,
	"SAR": 0.073603,
	"EchoTime": 0.019,
	"RepetitionTime": 2.8,
	"FlipAngle": 90,
	"PartialFourier": 0.75,
	"BaseResolution": 120,
	"ShimSetting": [
		56,
		-38,
		333,
		971,
		505,
		795,
		962,
		396	],
	"DelayTime": 1.2,
	"TxRefAmp": 184,
	"PhaseResolution": 1,
	"ReceiveCoilName": "32Ch_Head_7T",
	"CoilString": "C:A32",
	"PulseSequenceDetails": "%CustomerSeq%\\cmrr_mbep2d_bold",
	"RefLinesPE": 30,
	"CoilCombinationMethod": "Sum of Squares",
	"MatrixCoilMode": "GRAPPA",
	"PercentPhaseFOV": 100,
	"PercentSampling": 100,
	"PhaseEncodingSteps": 90,
	"AcquisitionMatrixPE": 120,
	"ReconMatrixPE": 120,
	"BandwidthPerPixelPhaseEncode": 20.833,
	"ParallelReductionFactorInPlane": 2,
	"EffectiveEchoSpacing": 0.000400006,
	"DerivedVendorReportedEchoSpacing": 0.000800013,
	"TotalReadoutTime": 0.0476008,
	"PixelBandwidth": 1437,
	"DwellTime": 2.9e-06,
	"PhaseEncodingDirection": "j",
	"SliceTiming": [
		0.8025,
		0,
		0.86,
		0.0575,
		0.9175,
		0.1125,
		0.975,
		0.17,
		1.0325,
		0.2275,
		1.09,
		0.285,
		1.1475,
		0.3425,
		1.2025,
		0.4,
		1.26,
		0.4575,
		1.3175,
		0.515,
		1.375,
		0.5725,
		1.4325,
		0.63,
		1.49,
		0.6875,
		1.5475,
		0.745	],
	"ImageOrientationPatientDICOM": [
		0.996396,
		0.0140969,
		-0.0836489,
		-0.0299205,
		0.981123,
		-0.191058	],
	"ImageOrientationText": "Tra>Cor(-11.2)>Sag(-4.6)",
	"InPlanePhaseEncodingDirectionDICOM": "COL",
	"ConversionSoftware": "dcm2niix",
	"ConversionSoftwareVersion": "v1.0.20230411"
}
