{
    "Modality": "MR",
    "MagneticFieldStrength": 6.98,
    "ImagingFrequency": 297.206249,
    "Manufacturer": "Siemens",
    "ManufacturersModelName": "Investigational_Device_7T",
    "InstitutionName": "Brains Unlimited",
    "InstitutionalDepartmentName": "MRI 7T",
    "InstitutionAddress": "Oxfordlaan 55,Maastricht,Limburg,NL,6229 EV",
    "DeviceSerialNumber": "18930",
    "StationName": "MRC18930",
    "PatientPosition": "HFS",
    "ProcedureStepDescription": "FeDem^fMRI",
    "SoftwareVersions": "syngo MR B17",
    "MRAcquisitionType": "2D",
    "SeriesDescription": "mbep2d_iPAT2_MB1_1pt1_AP_run5",
    "ProtocolName": "mbep2d_iPAT2_MB1_1pt1_AP_run5",
    "ScanningSequence": "EP",
    "SequenceVariant": "SK",
    "ScanOptions": "PFP\\FS",
    "SequenceName": "epfid2d1_120",
    "ImageType": [
        "ORIGINAL",
        "PRIMARY",
        "M",
        "ND",
        "MOSAIC"
    ],
    "NonlinearGradientCorrection": false,
    "SeriesNumber": 15,
    "AcquisitionTime": "15:30:20.212500",
    "AcquisitionNumber": 1,
    "SliceThickness": 1.1,
    "SpacingBetweenSlices": 1.1,
    "SAR": 0.0748116,
    "EchoTime": 0.019,
    "RepetitionTime": 2.8,
    "FlipAngle": 90,
    "PartialFourier": 0.75,
    "BaseResolution": 120,
    "ShimSetting": [
        23,
        64,
        568,
        2372,
        448,
        1326,
        1474,
        1070
    ],
    "DelayTime": 1.2,
    "TxRefAmp": 195,
    "PhaseResolution": 1,
    "ReceiveCoilName": "32Ch_Head_7T",
    "CoilString": "C:A32",
    "PulseSequenceDetails": "%CustomerSeq%\\cmrr_mbep2d_bold",
    "RefLinesPE": 30,
    "CoilCombinationMethod": "Sum of Squares",
    "MatrixCoilMode": "GRAPPA",
    "PercentPhaseFOV": 100,
    "PercentSampling": 100,
    "PhaseEncodingSteps": 90,
    "AcquisitionMatrixPE": 120,
    "ReconMatrixPE": 120,
    "BandwidthPerPixelPhaseEncode": 20.833,
    "ParallelReductionFactorInPlane": 2,
    "EffectiveEchoSpacing": 0.000400006,
    "DerivedVendorReportedEchoSpacing": 0.000800013,
    "TotalReadoutTime": 0.0476008,
    "PixelBandwidth": 1437,
    "DwellTime": 2.9e-06,
    "PhaseEncodingDirection": "j-",
    "SliceTiming": [
        0.8025,
        0,
        0.86,
        0.0575,
        0.9175,
        0.115,
        0.975,
        0.1725,
        1.0325,
        0.23,
        1.09,
        0.285,
        1.1475,
        0.3425,
        1.205,
        0.4,
        1.2625,
        0.4575,
        1.32,
        0.515,
        1.375,
        0.5725,
        1.4325,
        0.63,
        1.49,
        0.6875,
        1.5475,
        0.745
    ],
    "ImageOrientationPatientDICOM": [
        0.998232,
        -0.0585331,
        0.010321,
        0.0594361,
        0.983067,
        -0.173341
    ],
    "ImageOrientationText": "Tra>Cor(-10.0)",
    "InPlanePhaseEncodingDirectionDICOM": "COL",
    "ConversionSoftware": "dcm2niix",
    "ConversionSoftwareVersion": "v1.0.20230411",
    "TaskName": "auditory"
}