{
    "Modality": "MR",
    "MagneticFieldStrength": 6.98,
    "ImagingFrequency": 297.206265,
    "Manufacturer": "Siemens",
    "ManufacturersModelName": "Investigational_Device_7T",
    "InstitutionName": "Brains Unlimited",
    "InstitutionalDepartmentName": "MRI 7T",
    "InstitutionAddress": "Oxfordlaan 55,Maastricht,Limburg,NL,6229 EV",
    "DeviceSerialNumber": "18930",
    "StationName": "MRC18930",
    "PatientPosition": "HFS",
    "ProcedureStepDescription": "FeDem^7T test",
    "SoftwareVersions": "syngo MR B17",
    "MRAcquisitionType": "2D",
    "SeriesDescription": "mbep2d_iPAT2_MB1_1pt1_AP_run7",
    "ProtocolName": "mbep2d_iPAT2_MB1_1pt1_AP_run7",
    "ScanningSequence": "EP",
    "SequenceVariant": "SK",
    "ScanOptions": "PFP\\FS",
    "SequenceName": "epfid2d1_120",
    "ImageType": [
        "ORIGINAL",
        "PRIMARY",
        "M",
        "ND",
        "MOSAIC"
    ],
    "NonlinearGradientCorrection": false,
    "SeriesNumber": 19,
    "AcquisitionTime": "12:30:14.247500",
    "AcquisitionNumber": 1,
    "SliceThickness": 1.1,
    "SpacingBetweenSlices": 1.1,
    "SAR": 0.0784174,
    "EchoTime": 0.019,
    "RepetitionTime": 2.8,
    "FlipAngle": 90,
    "PartialFourier": 0.75,
    "BaseResolution": 120,
    "ShimSetting": [
        56,
        -38,
        333,
        971,
        505,
        795,
        962,
        396
    ],
    "DelayTime": 1.2,
    "TxRefAmp": 184,
    "PhaseResolution": 1,
    "ReceiveCoilName": "32Ch_Head_7T",
    "CoilString": "C:A32",
    "PulseSequenceDetails": "%CustomerSeq%\\cmrr_mbep2d_bold",
    "RefLinesPE": 30,
    "CoilCombinationMethod": "Sum of Squares",
    "MatrixCoilMode": "GRAPPA",
    "PercentPhaseFOV": 100,
    "PercentSampling": 100,
    "PhaseEncodingSteps": 90,
    "AcquisitionMatrixPE": 120,
    "ReconMatrixPE": 120,
    "BandwidthPerPixelPhaseEncode": 20.833,
    "ParallelReductionFactorInPlane": 2,
    "EffectiveEchoSpacing": 0.000400006,
    "DerivedVendorReportedEchoSpacing": 0.000800013,
    "TotalReadoutTime": 0.0476008,
    "PixelBandwidth": 1437,
    "DwellTime": 2.9e-06,
    "PhaseEncodingDirection": "j-",
    "SliceTiming": [
        0.805,
        0,
        0.8625,
        0.0575,
        0.9175,
        0.115,
        0.975,
        0.1725,
        1.0325,
        0.23,
        1.09,
        0.2875,
        1.1475,
        0.345,
        1.205,
        0.4025,
        1.2625,
        0.46,
        1.32,
        0.5175,
        1.3775,
        0.575,
        1.435,
        0.6325,
        1.4925,
        0.69,
        1.55,
        0.7475
    ],
    "ImageOrientationPatientDICOM": [
        0.996396,
        0.0140878,
        -0.0836472,
        -0.0299112,
        0.981123,
        -0.191059
    ],
    "ImageOrientationText": "Tra>Cor(-11.2)>Sag(-4.6)",
    "InPlanePhaseEncodingDirectionDICOM": "COL",
    "ConversionSoftware": "dcm2niix",
    "ConversionSoftwareVersion": "v1.0.20230411",
    "TaskName": "auditory"
}