{
	"Modality": "MR",
	"MagneticFieldStrength": 6.98,
	"ImagingFrequency": 297.20637,
	"Manufacturer": "Siemens",
	"ManufacturersModelName": "Investigational_Device_7T",
	"InstitutionName": "Brains Unlimited",
	"InstitutionalDepartmentName": "MRI 7T",
	"InstitutionAddress": "Oxfordlaan 55,Maastricht,Limburg,NL,6229 EV",
	"DeviceSerialNumber": "18930",
	"StationName": "MRC18930",
	"PatientPosition": "HFS",
	"ProcedureStepDescription": "FeDem^fMRI",
	"SoftwareVersions": "syngo MR B17",
	"MRAcquisitionType": "3D",
	"SeriesDescription": "t1_mprage_iso0.6_angulated",
	"ProtocolName": "t1_mprage_iso0.6_angulated",
	"ScanningSequence": "GR\\IR",
	"SequenceVariant": "SP\\MP",
	"ScanOptions": "IR",
	"SequenceName": "*tfl3d1_ns",
	"ImageType": ["ORIGINAL", "PRIMARY", "M", "ND"],
	"NonlinearGradientCorrection": false,
	"SeriesNumber": 5,
	"AcquisitionTime": "16:06:2.995000",
	"AcquisitionNumber": 1,
	"SliceThickness": 0.6,
	"SAR": 0.0190521,
	"EchoTime": 0.00252,
	"RepetitionTime": 3.1,
	"InversionTime": 1.5,
	"FlipAngle": 5,
	"PartialFourier": 1,
	"BaseResolution": 384,
	"ShimSetting": [
		-5,
		-146,
		273,
		522,
		-416,
		363,
		224,
		158	],
	"TxRefAmp": 168,
	"PhaseResolution": 1,
	"ReceiveCoilName": "32Ch_Head_7T",
	"CoilString": "C:A32",
	"PulseSequenceDetails": "%SiemensSeq%\\tfl",
	"RefLinesPE": 64,
	"CoilCombinationMethod": "Adaptive Combine",
	"MatrixCoilMode": "GRAPPA",
	"PercentPhaseFOV": 100,
	"PercentSampling": 100,
	"PhaseEncodingSteps": 382,
	"AcquisitionMatrixPE": 384,
	"ReconMatrixPE": 384,
	"ParallelReductionFactorInPlane": 3,
	"PixelBandwidth": 181,
	"DwellTime": 7.2e-06,
	"ImageOrientationPatientDICOM": [
		0.00584736,
		0.926514,
		-0.376214,
		0.00378071,
		-0.376239,
		-0.926515	],
	"ImageOrientationText": "Sag>Tra(-0.3)>Cor(0.2)",
	"InPlanePhaseEncodingDirectionDICOM": "ROW",
	"ConversionSoftware": "dcm2niix",
	"ConversionSoftwareVersion": "v1.0.20230411"
}
